PATH
  remote: .
  specs:
    woot_sync (0.3.0)
      activesupport (~> 3.0.0)
      mechanize (= 1.0.0)

GEM
  remote: http://rubygems.org/
  specs:
    activesupport (3.0.0)
    mechanize (1.0.0)
      nokogiri (>= 1.2.1)
    nokogiri (1.4.3.1)
    shoulda (2.11.3)

PLATFORMS
  ruby

DEPENDENCIES
  activesupport (~> 3.0.0)
  bundler (= 1.0.0)
  mechanize (= 1.0.0)
  shoulda
  woot_sync!
